GEM
  remote: https://rubygems.org/
  specs:
    actioncable (6.0.4)
      actionpack (= 6.0.4)
      nio4r (~> 2.0)
      websocket-driver (>= 0.6.1)
    actionmailbox (6.0.4)
      actionpack (= 6.0.4)
      activejob (= 6.0.4)
      activerecord (= 6.0.4)
      activestorage (= 6.0.4)
      activesupport (= 6.0.4)
      mail (>= 2.7.1)
    actionmailer (6.0.4)
      actionpack (= 6.0.4)
      actionview (= 6.0.4)
      activejob (= 6.0.4)
      mail (~> 2.5, >= 2.5.4)
      rails-dom-testing (~> 2.0)
    actionpack (6.0.4)
      actionview (= 6.0.4)
      activesupport (= 6.0.4)
      rack (~> 2.0, >= 2.0.8)
      rack-test (>= 0.6.3)
      rails-dom-testing (~> 2.0)
      rails-html-sanitizer (~> 1.0, >= 1.2.0)
    actiontext (6.0.4)
      actionpack (= 6.0.4)
      activerecord (= 6.0.4)
      activestorage (= 6.0.4)
      activesupport (= 6.0.4)
      nokogiri (>= 1.8.5)
    actionview (6.0.4)
      activesupport (= 6.0.4)
      builder (~> 3.1)
      erubi (~> 1.4)
      rails-dom-testing (~> 2.0)
      rails-html-sanitizer (~> 1.1, >= 1.2.0)
    activejob (6.0.4)
      activesupport (= 6.0.4)
      globalid (>= 0.3.6)
    activemodel (6.0.4)
      activesupport (= 6.0.4)
    activerecord (6.0.4)
      activemodel (= 6.0.4)
      activesupport (= 6.0.4)
    activestorage (6.0.4)
      actionpack (= 6.0.4)
      activejob (= 6.0.4)
      activerecord (= 6.0.4)
      marcel (~> 1.0.0)
    activesupport (6.0.4)
      concurrent-ruby (~> 1.0, >= 1.0.2)
      i18n (>= 0.7, < 2)
      minitest (~> 5.1)
      tzinfo (~> 1.1)
      zeitwerk (~> 2.2, >= 2.2.2)
    addressable (2.8.0)
      public_suffix (>= 2.0.2, < 5.0)
    appengine (0.6.0)
      google-cloud-env (~> 1.4)
      stackdriver (~> 0.20, >= 0.20.1)
    autoprefixer-rails (10.2.5.1)
      execjs (> 0)
    awesome_print (1.9.2)
    bindex (0.8.1)
    bitters (2.0.4)
      thor (~> 1.0)
    bootsnap (1.7.5)
      msgpack (~> 1.0)
    builder (3.2.4)
    bulma-rails (0.9.1)
      sassc (~> 2.0)
    bundler-audit (0.8.0)
      bundler (>= 1.2.0, < 3)
      thor (~> 1.0)
    byebug (11.1.3)
    capybara (3.35.3)
      addressable
      mini_mime (>= 0.1.3)
      nokogiri (~> 1.8)
      rack (>= 1.6.0)
      rack-test (>= 0.6.3)
      regexp_parser (>= 1.5, < 3.0)
      xpath (~> 3.2)
    coderay (1.1.3)
    concurrent-ruby (1.1.9)
    crack (0.4.5)
      rexml
    crass (1.0.6)
    declarative (0.0.20)
    docile (1.4.0)
    dotenv (2.7.6)
    dotenv-rails (2.7.6)
      dotenv (= 2.7.6)
      railties (>= 3.2)
    erubi (1.10.0)
    execjs (2.8.1)
    faker (2.18.0)
      i18n (>= 1.6, < 2)
    faraday (1.5.1)
      faraday-em_http (~> 1.0)
      faraday-em_synchrony (~> 1.0)
      faraday-excon (~> 1.1)
      faraday-httpclient (~> 1.0.1)
      faraday-net_http (~> 1.0)
      faraday-net_http_persistent (~> 1.1)
      faraday-patron (~> 1.0)
      multipart-post (>= 1.2, < 3)
      ruby2_keywords (>= 0.0.4)
    faraday-em_http (1.0.0)
    faraday-em_synchrony (1.0.0)
    faraday-excon (1.1.0)
    faraday-httpclient (1.0.1)
    faraday-net_http (1.0.1)
    faraday-net_http_persistent (1.2.0)
    faraday-patron (1.0.0)
    ffi (1.15.3)
    ffi (1.15.3-x64-mingw32)
    formulaic (0.4.1)
      activesupport
      capybara
      i18n
    gapic-common (0.5.0)
      faraday (~> 1.3)
      google-protobuf (~> 3.14)
      googleapis-common-protos (>= 1.3.11, < 2.a)
      googleapis-common-protos-types (>= 1.0.6, < 2.a)
      googleauth (>= 0.16.2, < 2.a)
      grpc (~> 1.36)
    globalid (0.4.2)
      activesupport (>= 4.2.0)
    google-apis-bigquery_v2 (0.15.0)
      google-apis-core (>= 0.4, < 2.a)
    google-apis-core (0.4.0)
      addressable (~> 2.5, >= 2.5.1)
      googleauth (>= 0.16.2, < 2.a)
      httpclient (>= 2.8.1, < 3.a)
      mini_mime (~> 1.0)
      representable (~> 3.0)
      retriable (>= 2.0, < 4.a)
      rexml
      webrick
    google-cloud-bigquery (1.33.0)
      concurrent-ruby (~> 1.0)
      google-apis-bigquery_v2 (~> 0.1)
      google-cloud-core (~> 1.6)
      googleauth (>= 0.16.2, < 2.a)
      mini_mime (~> 1.0)
    google-cloud-core (1.6.0)
      google-cloud-env (~> 1.0)
      google-cloud-errors (~> 1.0)
    google-cloud-env (1.5.0)
      faraday (>= 0.17.3, < 2.0)
    google-cloud-error_reporting (0.42.1)
      concurrent-ruby (~> 1.1)
      google-cloud-core (~> 1.5)
      google-cloud-error_reporting-v1beta1 (~> 0.0)
      stackdriver-core (~> 1.3)
    google-cloud-error_reporting-v1beta1 (0.4.2)
      gapic-common (>= 0.5, < 2.a)
      google-cloud-errors (~> 1.0)
    google-cloud-errors (1.1.0)
    google-cloud-logging (2.2.1)
      concurrent-ruby (~> 1.1)
      google-cloud-core (~> 1.5)
      google-cloud-logging-v2 (~> 0.0)
      stackdriver-core (~> 1.3)
    google-cloud-logging-v2 (0.5.3)
      gapic-common (>= 0.5, < 2.a)
      google-cloud-errors (~> 1.0)
    google-cloud-trace (0.41.3)
      concurrent-ruby (~> 1.1)
      google-cloud-core (~> 1.5)
      google-cloud-trace-v1 (~> 0.0)
      google-cloud-trace-v2 (~> 0.0)
      stackdriver-core (~> 1.3)
    google-cloud-trace-v1 (0.3.2)
      gapic-common (>= 0.5, < 2.a)
      google-cloud-errors (~> 1.0)
    google-cloud-trace-v2 (0.3.2)
      gapic-common (>= 0.5, < 2.a)
      google-cloud-errors (~> 1.0)
    google-protobuf (3.17.3)
    google-protobuf (3.17.3-x64-mingw32)
    googleapis-common-protos (1.3.11)
      google-protobuf (~> 3.14)
      googleapis-common-protos-types (>= 1.0.6, < 2.0)
      grpc (~> 1.27)
    googleapis-common-protos-types (1.1.0)
      google-protobuf (~> 3.14)
    googleauth (0.16.2)
      faraday (>= 0.17.3, < 2.0)
      jwt (>= 1.4, < 3.0)
      memoist (~> 0.16)
      multi_json (~> 1.11)
      os (>= 0.9, < 2.0)
      signet (~> 0.14)
    grpc (1.38.0)
      google-protobuf (~> 3.15)
      googleapis-common-protos-types (~> 1.0)
    grpc (1.38.0-x64-mingw32)
      google-protobuf (~> 3.15)
      googleapis-common-protos-types (~> 1.0)
    hashdiff (1.0.1)
    httpclient (2.8.3)
    i18n (1.8.10)
      concurrent-ruby (~> 1.0)
    io-console (0.5.9)
    irb (1.3.6)
      reline (>= 0.2.5)
    jwt (2.2.3)
    launchy (2.5.0)
      addressable (~> 2.7)
    listen (3.5.1)
      rb-fsevent (~> 0.10, >= 0.10.3)
      rb-inotify (~> 0.9, >= 0.9.10)
    loofah (2.10.0)
      crass (~> 1.0.2)
      nokogiri (>= 1.5.9)
    mail (2.7.1)
      mini_mime (>= 0.1.1)
    marcel (1.0.1)
    memoist (0.16.2)
    method_source (1.0.0)
    mini_mime (1.1.0)
    mini_portile2 (2.5.3)
    minitest (5.14.4)
    msgpack (1.4.2)
    multi_json (1.15.0)
    multipart-post (2.1.1)
    nio4r (2.5.7)
    nokogiri (1.11.7)
      mini_portile2 (~> 2.5.0)
      racc (~> 1.4)
    nokogiri (1.11.7-x64-mingw32)
      racc (~> 1.4)
    os (1.1.1)
    pg (1.2.3)
    pg (1.2.3-x64-mingw32)
    pry (0.13.1)
      coderay (~> 1.1)
      method_source (~> 1.0)
    pry-byebug (3.9.0)
      byebug (~> 11.0)
      pry (~> 0.13.0)
    pry-rails (0.3.9)
      pry (>= 0.10.4)
    public_suffix (4.0.6)
    puma (5.3.2)
      nio4r (~> 2.0)
    racc (1.5.2)
    rack (2.2.3)
    rack-canonical-host (1.0.0)
      addressable (> 0, < 3)
      rack (>= 1.0.0, < 3)
    rack-mini-profiler (2.3.2)
      rack (>= 1.2.0)
    rack-proxy (0.7.0)
      rack
    rack-test (1.1.0)
      rack (>= 1.0, < 3)
    rails (6.0.4)
      actioncable (= 6.0.4)
      actionmailbox (= 6.0.4)
      actionmailer (= 6.0.4)
      actionpack (= 6.0.4)
      actiontext (= 6.0.4)
      actionview (= 6.0.4)
      activejob (= 6.0.4)
      activemodel (= 6.0.4)
      activerecord (= 6.0.4)
      activestorage (= 6.0.4)
      activesupport (= 6.0.4)
      bundler (>= 1.3.0)
      railties (= 6.0.4)
      sprockets-rails (>= 2.0.0)
    rails-dom-testing (2.0.3)
      activesupport (>= 4.2.0)
      nokogiri (>= 1.6)
    rails-html-sanitizer (1.3.0)
      loofah (~> 2.3)
    rails_autoscale_agent (0.9.1)
    railties (6.0.4)
      actionpack (= 6.0.4)
      activesupport (= 6.0.4)
      method_source
      rake (>= 0.8.7)
      thor (>= 0.20.3, < 2.0)
    rake (13.0.6)
    rb-fsevent (0.11.0)
    rb-inotify (0.10.1)
      ffi (~> 1.0)
    recipient_interceptor (0.3.0)
      mail
    redis (4.3.1)
    regexp_parser (2.1.1)
    reline (0.2.6)
      io-console (~> 0.5)
    representable (3.1.1)
      declarative (< 0.1.0)
      trailblazer-option (>= 0.1.1, < 0.2.0)
      uber (< 0.2.0)
    retriable (3.1.2)
    rexml (3.2.5)
    rollbar (3.2.0)
    ruby2_keywords (0.0.5)
    sassc (2.4.0)
      ffi (~> 1.9)
    sassc (2.4.0-x64-mingw32)
      ffi (~> 1.9)
    sassc-rails (2.1.2)
      railties (>= 4.0.0)
      sassc (>= 2.0)
      sprockets (> 3.0)
      sprockets-rails
      tilt
    semantic_range (3.0.0)
    signet (0.15.0)
      addressable (~> 2.3)
      faraday (>= 0.17.3, < 2.0)
      jwt (>= 1.5, < 3.0)
      multi_json (~> 1.10)
    simplecov (0.21.2)
      docile (~> 1.1)
      simplecov-html (~> 0.11)
      simplecov_json_formatter (~> 0.1)
    simplecov-html (0.12.3)
    simplecov_json_formatter (0.1.3)
    skylight (4.3.2)
      skylight-core (= 4.3.2)
    skylight-core (4.3.2)
      activesupport (>= 4.2.0)
    sprockets (4.0.2)
      concurrent-ruby (~> 1.0)
      rack (> 1, < 3)
    sprockets-rails (3.2.2)
      actionpack (>= 4.0)
      activesupport (>= 4.0)
      sprockets (>= 3.0.0)
    stackdriver (0.21.1)
      google-cloud-error_reporting (~> 0.41)
      google-cloud-logging (~> 2.1)
      google-cloud-trace (~> 0.40)
    stackdriver-core (1.5.0)
      google-cloud-core (~> 1.2)
    suspenders (1.55.1)
      bitters (>= 2.0.4)
      rails (~> 6.0.0)
    thor (1.1.0)
    thread_safe (0.3.6)
    tilt (2.0.10)
    timecop (0.9.4)
    title (0.0.8)
      i18n
      rails (>= 3.1)
    trailblazer-option (0.1.1)
    twilio-ruby (5.57.0)
      faraday (>= 0.9, < 2.0)
      jwt (>= 1.5, <= 2.5)
      nokogiri (>= 1.6, < 2.0)
    tzinfo (1.2.9)
      thread_safe (~> 0.1)
    tzinfo-data (1.2021.5)
      tzinfo (>= 1.0.0)
    uber (0.1.0)
    web-console (4.1.0)
      actionview (>= 6.0.0)
      activemodel (>= 6.0.0)
      bindex (>= 0.4.0)
      railties (>= 6.0.0)
    webmock (3.13.0)
      addressable (>= 2.3.6)
      crack (>= 0.3.2)
      hashdiff (>= 0.4.0, < 2.0.0)
    webpacker (5.4.0)
      activesupport (>= 5.2)
      rack-proxy (>= 0.6.1)
      railties (>= 5.2)
      semantic_range (>= 2.3.0)
    webrick (1.7.0)
    websocket-driver (0.7.5)
      websocket-extensions (>= 0.1.0)
    websocket-extensions (0.1.5)
    xpath (3.2.0)
      nokogiri (~> 1.8)
    zeitwerk (2.4.2)

PLATFORMS
  ruby
  x64-mingw32

DEPENDENCIES
  appengine (~> 0.6.0)
  autoprefixer-rails
  awesome_print
  bootsnap
  bulma-rails (~> 0.9.1)
  bundler-audit (>= 0.5.0)
  dotenv-rails
  faker (~> 2.15)
  formulaic
  google-cloud-bigquery (~> 1.25)
  irb (~> 1.3)
  launchy
  listen
  pg
  pry-byebug
  pry-rails
  puma
  rack-canonical-host
  rack-mini-profiler
  rails (~> 6.0.0)
  rails_autoscale_agent (~> 0.9.1)
  recipient_interceptor
  redis (~> 4.2)
  rollbar (~> 3.1)
  sassc-rails
  simplecov
  skylight (~> 4.3)
  sprockets (>= 3.0.0)
  suspenders
  timecop
  title
  twilio-ruby
  tzinfo-data
  web-console
  webmock
  webpacker

RUBY VERSION
   ruby 2.6.8p205

BUNDLED WITH
   1.17.3
